GEM
  remote: http://rubygems.org/
  specs:
    cgi_multipart_eof_fix (2.5.0)
    daemons (1.1.0)
    diff-lcs (1.1.2)
    fastthread (1.0.7)
    gem_plugin (0.2.3)
    hoe (2.8.0)
      rake (>= 0.8.7)
    mechanize (1.0.0)
      nokogiri (>= 1.2.1)
    mongrel (1.1.5)
      cgi_multipart_eof_fix (>= 2.4)
      daemons (>= 1.0.3)
      fastthread (>= 1.0.1)
      gem_plugin (>= 0.2.3)
    nokogiri (1.4.4)
    rake (0.8.7)
    redgreen (1.2.2)
    rspec (2.4.0)
      rspec-core (~> 2.4.0)
      rspec-expectations (~> 2.4.0)
      rspec-mocks (~> 2.4.0)
    rspec-core (2.4.0)
    rspec-expectations (2.4.0)
      diff-lcs (~> 1.1.2)
    rspec-mocks (2.4.0)

PLATFORMS
  ruby

DEPENDENCIES
  hoe (>= 2.8.0)
  mechanize (>= 1.0.0)
  mongrel (>= 1.1.5)
  nokogiri (>= 1.4.4)
  redgreen (>= 1.2.2)
  rspec (>= 2.3.0)
