GEM
  remote: http://rubygems.org/
  specs:
    addressable (2.3.2)
    crack (0.3.1)
    daemons (1.0.10)
    diff-lcs (1.1.3)
    domain_name (0.5.6)
      unf (~> 0.0.3)
    gem_plugin (0.2.3)
    hoe (3.4.0)
      rake (>= 0.8, < 11.0)
    json (1.7.6)
    mechanize (2.5.1)
      domain_name (~> 0.5, >= 0.5.1)
      mime-types (~> 1.17, >= 1.17.2)
      net-http-digest_auth (~> 1.1, >= 1.1.1)
      net-http-persistent (~> 2.5, >= 2.5.2)
      nokogiri (~> 1.4)
      ntlm-http (~> 0.1, >= 0.1.1)
      webrobots (~> 0.0, >= 0.0.9)
    mime-types (1.19)
    mini_portile2 (2.8.1)
    mongrel (1.2.0.pre2)
      daemons (~> 1.0.10)
      gem_plugin (~> 0.2.3)
    net-http-digest_auth (1.2.1)
    net-http-persistent (2.8)
    nokogiri (1.13.10)
      mini_portile2 (~> 2.8.0)
      racc (~> 1.4)
    ntlm-http (0.1.1)
    racc (1.6.2)
    rake (10.0.3)
    rdoc (3.12)
      json (~> 1.4)
    redgreen (1.2.2)
    rspec (2.12.0)
      rspec-core (~> 2.12.0)
      rspec-expectations (~> 2.12.0)
      rspec-mocks (~> 2.12.0)
    rspec-core (2.12.2)
    rspec-expectations (2.12.1)
      diff-lcs (~> 1.1.3)
    rspec-mocks (2.12.1)
    unf (0.0.5)
      unf_ext
    unf_ext (0.0.5)
    vcr (2.3.0)
    webmock (1.9.0)
      addressable (>= 2.2.7)
      crack (>= 0.1.7)
    webrobots (0.0.13)

PLATFORMS
  ruby

DEPENDENCIES
  hoe
  mechanize
  mongrel (~> 1.2.0.pre2)
  nokogiri
  rdoc
  redgreen
  rspec
  vcr
  webmock
