GEM
  remote: http://rubygems.org/
  specs:
    hoe (2.8.0)
      rake (>= 0.8.7)
    mechanize (1.0.0)
      nokogiri (>= 1.2.1)
    nokogiri (1.4.4)
    rake (0.8.7)

PLATFORMS
  ruby

DEPENDENCIES
  hoe (>= 2.8.0)
  mechanize (>= 1.0.0)
  nokogiri (>= 1.4.4)
