GEM
  remote: http://rubygems.org/
  specs:
    addressable (2.2.6)
    crack (0.1.8)
    daemons (1.0.10)
    diff-lcs (1.1.2)
    gem_plugin (0.2.3)
    hoe (2.10.0)
      rake (~> 0.8)
    mechanize (1.0.0)
      nokogiri (>= 1.2.1)
    mongrel (1.2.0.pre2)
      daemons (~> 1.0.10)
      gem_plugin (~> 0.2.3)
    nokogiri (1.5.0)
    rake (0.9.2)
    rdoc (3.8)
    redgreen (1.2.2)
    rspec (2.6.0)
      rspec-core (~> 2.6.0)
      rspec-expectations (~> 2.6.0)
      rspec-mocks (~> 2.6.0)
    rspec-core (2.6.4)
    rspec-expectations (2.6.0)
      diff-lcs (~> 1.1.2)
    rspec-mocks (2.6.0)
    vcr (1.10.2)
    webmock (1.6.4)
      addressable (~> 2.2, > 2.2.5)
      crack (>= 0.1.7)

PLATFORMS
  ruby

DEPENDENCIES
  hoe (>= 2.8.0)
  mechanize (= 1.0.0)
  mongrel (>= 1.2.0.pre2)
  nokogiri (>= 1.4.4)
  rdoc
  redgreen (>= 1.2.2)
  rspec (>= 2.3.0)
  vcr (>= 1.5.1)
  webmock (>= 1.6.2)
