GEM
  remote: http://rubygems.org/
  specs:
    addressable (2.2.4)
    cgi_multipart_eof_fix (2.5.0)
    crack (0.1.8)
    daemons (1.1.0)
    diff-lcs (1.1.2)
    fastthread (1.0.7)
    gem_plugin (0.2.3)
    hoe (2.9.0)
      rake (>= 0.8.7)
    mechanize (1.0.0)
      nokogiri (>= 1.2.1)
    mongrel (1.1.5)
      cgi_multipart_eof_fix (>= 2.4)
      daemons (>= 1.0.3)
      fastthread (>= 1.0.1)
      gem_plugin (>= 0.2.3)
    nokogiri (1.4.4)
    rake (0.8.7)
    redgreen (1.2.2)
    rspec (2.4.0)
      rspec-core (~> 2.4.0)
      rspec-expectations (~> 2.4.0)
      rspec-mocks (~> 2.4.0)
    rspec-core (2.4.0)
    rspec-expectations (2.4.0)
      diff-lcs (~> 1.1.2)
    rspec-mocks (2.4.0)
    vcr (1.5.1)
    webmock (1.6.2)
      addressable (>= 2.2.2)
      crack (>= 0.1.7)

PLATFORMS
  ruby

DEPENDENCIES
  hoe (>= 2.8.0)
  mechanize (>= 1.0.0)
  mongrel (>= 1.1.5)
  nokogiri (>= 1.4.4)
  redgreen (>= 1.2.2)
  rspec (>= 2.3.0)
  vcr (>= 1.5.1)
  webmock (>= 1.6.2)
